GEM
  remote: http://rubygems.org/
  specs:
    activemodel (4.2.1)
      activesupport (= 4.2.1)
      builder (~> 3.1)
    activerecord (4.2.1)
      activemodel (= 4.2.1)
      activesupport (= 4.2.1)
      arel (~> 6.0)
    activesupport (4.2.1)
      i18n (~> 0.7)
      json (~> 1.7, >= 1.7.7)
      minitest (~> 5.1)
      thread_safe (~> 0.3, >= 0.3.4)
      tzinfo (~> 1.1)
    addressable (2.8.7)
      public_suffix (>= 2.0.2, < 7.0)
    arel (6.0.4)
    base64 (0.2.0)
    builder (3.3.0)
    clockwork (1.2.0)
      activesupport
      tzinfo
    coderay (1.1.3)
    concurrent-ruby (1.3.4)
    cookiejar (0.3.0)
    crack (0.4.1)
      safe_yaml (~> 0.9.0)
    diff-lcs (1.5.1)
    dotenv (2.0.1)
    em-http-request (1.1.2)
      addressable (>= 2.3.4)
      cookiejar
      em-socksify (>= 0.3)
      eventmachine (>= 1.0.3)
      http_parser.rb (>= 0.6.0)
    em-socksify (0.3.0)
      eventmachine (>= 1.0.0.beta.4)
    eventmachine (1.0.4)
    factory_girl (4.5.0)
      activesupport (>= 3.0.0)
    foreman (0.63.0)
      dotenv (>= 0.7)
      thor (>= 0.13.6)
    haml (4.0.5)
      tilt
    http_parser.rb (0.6.0)
    httparty (0.13.3)
      json (~> 1.8)
      multi_xml (>= 0.5.2)
    i18n (0.9.5)
      concurrent-ruby (~> 1.0)
    json (1.8.6)
    keen (1.1.1)
      addressable (~> 2.5)
      multi_json (~> 1.12)
    logger (1.6.1)
    mail (2.6.3)
      mime-types (>= 1.16, < 3)
    method_source (1.1.0)
    mime-types (2.5)
    minitest (5.25.1)
    multi_json (1.15.0)
    multi_xml (0.5.5)
    mustermann (3.0.3)
      ruby2_keywords (~> 0.0.1)
    pg (0.18.1)
    pg (0.18.1-x64-mingw32)
    pry (0.15.0)
      coderay (~> 1.1)
      method_source (~> 1.0)
    public_suffix (6.0.1)
    pushpop (0.2)
      clockwork
      dotenv
      thor
    pushpop-keen (0.1.1)
      keen
      pushpop
    pushpop-sendgrid (0.1.3)
      mail
      pushpop
    pushpop-slack (0.2.3)
      pushpop
      slack-notifier
    rack (3.1.8)
    rack-flash3 (1.0.5)
      rack
    rack-protection (4.1.0)
      base64 (>= 0.1.0)
      logger (>= 1.6.0)
      rack (>= 3.0.0, < 4)
    rack-session (2.0.0)
      rack (>= 3.0.0)
    rake (10.1.1)
    rspec (3.13.0)
      rspec-core (~> 3.13.0)
      rspec-expectations (~> 3.13.0)
      rspec-mocks (~> 3.13.0)
    rspec-core (3.13.2)
      rspec-support (~> 3.13.0)
    rspec-expectations (3.13.3)
      diff-lcs (>= 1.2.0, < 2.0)
      rspec-support (~> 3.13.0)
    rspec-mocks (3.13.2)
      diff-lcs (>= 1.2.0, < 2.0)
      rspec-support (~> 3.13.0)
    rspec-support (3.13.1)
    ruby2_keywords (0.0.5)
    safe_yaml (0.9.7)
    sinatra (4.1.0)
      logger (>= 1.6.0)
      mustermann (~> 3.0)
      rack (>= 3.0.0, < 4)
      rack-protection (= 4.1.0)
      rack-session (>= 2.0.0, < 3)
      tilt (~> 2.0)
    sinatra-activerecord (2.0.27)
      activerecord (>= 4.1)
      sinatra (>= 1.0)
    sinatra-contrib (4.1.0)
      multi_json (>= 0.0.2)
      mustermann (~> 3.0)
      rack-protection (= 4.1.0)
      sinatra (= 4.1.0)
      tilt (~> 2.0)
    sinatra-reloader (1.0)
      sinatra-contrib
    slack-notifier (1.2.0)
    thor (0.19.1)
    thread_safe (0.3.6)
    tilt (2.4.0)
    tzinfo (1.2.11)
      thread_safe (~> 0.1)
    webmock (1.17.1)
      addressable (>= 2.2.7)
      crack (>= 0.3.2)

PLATFORMS
  ruby
  x64-mingw32

DEPENDENCIES
  activerecord (= 4.2.1)
  dotenv
  em-http-request
  eventmachine (= 1.0.4)
  factory_girl
  foreman
  haml
  httparty
  keen
  multi_json
  pg (= 0.18.1)
  pry
  pushpop
  pushpop-keen
  pushpop-sendgrid
  pushpop-slack
  rack-flash3
  rake
  rspec
  sinatra
  sinatra-activerecord (= 2.0.27)
  sinatra-reloader
  thor
  webmock
